GEM
  remote: https://rubygems.org/
  specs:
    chronic (0.10.2)
    colored (1.2)
    colorize (0.7.7)
    command_line_reporter (3.3.6)
      colored (>= 1.2)

PLATFORMS
  x86-mingw32

DEPENDENCIES
  chronic
  colorize
  command_line_reporter

BUNDLED WITH
   1.10.6
