GEM
  specs:
    chronic (0.10.2)
    colorize (0.7.7)

PLATFORMS
  x86-mingw32

DEPENDENCIES
  chronic
  colorize

BUNDLED WITH
   1.10.6
